GEM
  specs:
    diff-lcs (1.2.4)
    rake (10.1.0)
    rspec (2.13.0)
      rspec-core (~> 2.13.0)
      rspec-expectations (~> 2.13.0)
      rspec-mocks (~> 2.13.0)
    rspec-core (2.13.1)
    rspec-expectations (2.13.0)
      diff-lcs (>= 1.1.3, < 2.0)
    rspec-given (2.4.3)
      rspec (>= 2.12)
      sorcerer (>= 0.3.7)
    rspec-mocks (2.13.1)
    sorcerer (0.3.10)

PLATFORMS
  ruby

DEPENDENCIES
  rake
  rspec
  rspec-given
